GEM
  remote: https://rubygems.org/
  specs:
    backticks (1.0.2)
    daemons (1.2.6)
    docker-compose (1.1.9)
      backticks (~> 1.0)
    docker-sync (0.4.6)
      daemons (~> 1.2, >= 1.2.3)
      docker-compose (~> 1.0, >= 1.0.2)
      dotenv (~> 2.1, >= 2.1.1)
      gem_update_checker (~> 0.2.0, >= 0.2.0)
      os
      terminal-notifier (= 1.6.3)
      thor (~> 0.19, >= 0.19.0)
    dotenv (2.5.0)
    gem_update_checker (0.2.0)
    os (1.0.0)
    terminal-notifier (1.6.3)
    thor (0.20.0)

PLATFORMS
  ruby

DEPENDENCIES
  docker-sync (~> 0.4.0)

BUNDLED WITH
   1.16.2
